GEM
  remote: https://rubygems.org/
  specs:
    backports (3.15.0)
    haml (5.1.2)
      temple (>= 0.8.0)
      tilt
    multi_json (1.13.1)
    mustermann (1.0.3)
    rack (2.0.7)
    rack-protection (2.0.5)
      rack
    sinatra (2.0.5)
      mustermann (~> 1.0)
      rack (~> 2.0)
      rack-protection (= 2.0.5)
      tilt (~> 2.0)
    sinatra-contrib (2.0.5)
      backports (>= 2.8.2)
      multi_json
      mustermann (~> 1.0)
      rack-protection (= 2.0.5)
      sinatra (= 2.0.5)
      tilt (>= 1.3, < 3)
    sinatra-reloader (1.0)
      sinatra-contrib
    temple (0.8.1)
    tilt (2.0.9)

PLATFORMS
  ruby

DEPENDENCIES
  haml
  sinatra
  sinatra-reloader

BUNDLED WITH
   2.0.2
